GEM
  remote: https://rubygems.org/
  specs:
    debugger-ruby_core_source (1.3.8)
    jwt (2.2.3)
    multi_json (1.15.0)
    mustermann (1.1.1)
      ruby2_keywords (~> 0.0.1)
    mysql2 (0.5.3)
    mysql2-cs-bind (0.1.0)
      mysql2
    nio4r (2.5.8)
    puma (5.4.0)
      nio4r (~> 2.0)
    rack (2.2.3)
    rack-lineprof (0.0.4)
      rack (>= 1.5)
      rblineprof (~> 0.3.6)
      term-ansicolor (~> 1.3)
    rack-protection (2.1.0)
      rack
    rblineprof (0.3.7)
      debugger-ruby_core_source (~> 1.3)
    ruby2_keywords (0.0.5)
    sinatra (2.1.0)
      mustermann (~> 1.0)
      rack (~> 2.2)
      rack-protection (= 2.1.0)
      tilt (~> 2.0)
    sinatra-contrib (2.1.0)
      multi_json
      mustermann (~> 1.0)
      rack-protection (= 2.1.0)
      sinatra (= 2.1.0)
      tilt (~> 2.0)
    sync (0.5.0)
    term-ansicolor (1.7.1)
      tins (~> 1.0)
    tilt (2.0.10)
    tins (1.29.1)
      sync

PLATFORMS
  ruby

DEPENDENCIES
  jwt
  mysql2
  mysql2-cs-bind
  puma
  rack-lineprof
  sinatra
  sinatra-contrib

BUNDLED WITH
   2.2.22
